GEM
  remote: https://rubygems.org/
  specs:
    circleci (2.0.3)
    circleci_artifact (0.1.0)
      circleci (~> 2.0)

PLATFORMS
  ruby

DEPENDENCIES
  circleci_artifact

BUNDLED WITH
   2.1.4
